GIT
  remote: git://github.com/stefanpenner/country_select.git
  revision: fb476551aa61e68af2175aeb4d097148e6904a34
  specs:
    country_select (3.0.0)
      countries (~> 2.0)
      sort_alphabetical (~> 1.0)

GIT
  remote: https://github.com/thoughtbot/paperclip
  revision: 523bd46c768226893f23889079a7aa9c73b57d68
  ref: 523bd46c768226893f23889079a7aa9c73b57d68
  specs:
    paperclip (4.3.1)
      activemodel (>= 3.2.0)
      activesupport (>= 3.2.0)
      cocaine (~> 0.5.5)
      mime-types
      mimemagic (= 0.3.0)

GEM
  remote: https://rubygems.org/
  specs:
    actionmailer (4.2.0)
      actionpack (= 4.2.0)
      actionview (= 4.2.0)
      activejob (= 4.2.0)
      mail (~> 2.5, >= 2.5.4)
      rails-dom-testing (~> 1.0, >= 1.0.5)
    actionpack (4.2.0)
      actionview (= 4.2.0)
      activesupport (= 4.2.0)
      rack (~> 1.6.0)
      rack-test (~> 0.6.2)
      rails-dom-testing (~> 1.0, >= 1.0.5)
      rails-html-sanitizer (~> 1.0, >= 1.0.1)
    actionview (4.2.0)
      activesupport (= 4.2.0)
      builder (~> 3.1)
      erubis (~> 2.7.0)
      rails-dom-testing (~> 1.0, >= 1.0.5)
      rails-html-sanitizer (~> 1.0, >= 1.0.1)
    activejob (4.2.0)
      activesupport (= 4.2.0)
      globalid (>= 0.3.0)
    activemodel (4.2.0)
      activesupport (= 4.2.0)
      builder (~> 3.1)
    activerecord (4.2.0)
      activemodel (= 4.2.0)
      activesupport (= 4.2.0)
      arel (~> 6.0)
    activesupport (4.2.0)
      i18n (~> 0.7)
      json (~> 1.7, >= 1.7.7)
      minitest (~> 5.1)
      thread_safe (~> 0.3, >= 0.3.4)
      tzinfo (~> 1.1)
    addressable (2.5.1)
      public_suffix (~> 2.0, >= 2.0.2)
    arel (6.0.4)
    armor_payments (0.1.4)
      excon
    aws-sdk (1.67.0)
      aws-sdk-v1 (= 1.67.0)
    aws-sdk-v1 (1.67.0)
      json (~> 1.4)
      nokogiri (~> 1)
    bcrypt (3.1.11)
    browser (2.4.0)
    bson (4.2.1)
    bson_ext (1.5.1)
    builder (3.2.3)
    capybara (2.14.0)
      addressable
      mime-types (>= 1.16)
      nokogiri (>= 1.3.3)
      rack (>= 1.0.0)
      rack-test (>= 0.5.4)
      xpath (~> 2.0)
    carmen (1.0.2)
      activesupport (>= 3.0.0)
    climate_control (0.2.0)
    cocaine (0.5.8)
      climate_control (>= 0.0.3, < 1.0)
    coderay (1.1.1)
    coffee-rails (4.0.1)
      coffee-script (>= 2.2.0)
      railties (>= 4.0.0, < 5.0)
    coffee-script (2.4.1)
      coffee-script-source
      execjs
    coffee-script-source (1.12.2)
    concurrent-ruby (1.0.5)
    countries (2.0.8)
      i18n_data (~> 0.7.0)
      money (~> 6.7)
      sixarm_ruby_unaccent (~> 1.1)
      unicode_utils (~> 1.4)
    diff-lcs (1.3)
    domain_name (0.5.20170404)
      unf (>= 0.0.5, < 1.0.0)
    erubis (2.7.0)
    excon (0.55.0)
    execjs (2.7.0)
    factory_girl (4.8.0)
      activesupport (>= 3.0.0)
    factory_girl_rails (4.8.0)
      factory_girl (~> 4.8.0)
      railties (>= 3.0.0)
    ffaker (2.5.0)
    ffi (1.9.18)
    figaro (1.1.1)
      thor (~> 0.14)
    formatador (0.2.5)
    foundation-icons-sass-rails (3.0.0)
      railties (>= 3.1.1)
      sass-rails (>= 3.1.1)
    foundation-rails (5.5.2.1)
      railties (>= 3.1.0)
      sass (>= 3.3.0, < 3.5)
    foundation_rails_helper (2.0.0)
      actionpack (>= 4.1)
      activemodel (>= 4.1)
      activesupport (>= 4.1)
      railties (>= 4.1)
      tzinfo (~> 1.2, >= 1.2.2)
    globalid (0.4.0)
      activesupport (>= 4.2.0)
    guard (2.14.1)
      formatador (>= 0.2.4)
      listen (>= 2.7, < 4.0)
      lumberjack (~> 1.0)
      nenv (~> 0.1)
      notiffany (~> 0.0)
      pry (>= 0.9.12)
      shellany (~> 0.0)
      thor (>= 0.18.1)
    guard-compat (1.2.1)
    guard-rspec (4.7.3)
      guard (~> 2.1)
      guard-compat (~> 1.1)
      rspec (>= 2.99.0, < 4.0)
    http-cookie (1.0.3)
      domain_name (~> 0.5)
    i18n (0.8.1)
    i18n_data (0.7.0)
    jbuilder (2.6.4)
      activesupport (>= 3.0.0)
      multi_json (>= 1.2)
    jquery-rails (4.3.1)
      rails-dom-testing (>= 1, < 3)
      railties (>= 4.2.0)
      thor (>= 0.14, < 2.0)
    json (1.8.6)
    kaminari (1.0.1)
      activesupport (>= 4.1.0)
      kaminari-actionview (= 1.0.1)
      kaminari-activerecord (= 1.0.1)
      kaminari-core (= 1.0.1)
    kaminari-actionview (1.0.1)
      actionview
      kaminari-core (= 1.0.1)
    kaminari-activerecord (1.0.1)
      activerecord
      kaminari-core (= 1.0.1)
    kaminari-core (1.0.1)
    kaminari-mongoid (1.0.1)
      kaminari-core (~> 1.0)
      mongoid
    listen (3.1.5)
      rb-fsevent (~> 0.9, >= 0.9.4)
      rb-inotify (~> 0.9, >= 0.9.7)
      ruby_dep (~> 1.2)
    loofah (2.0.3)
      nokogiri (>= 1.5.9)
    lumberjack (1.0.12)
    mail (2.6.5)
      mime-types (>= 1.16, < 4)
    mailgun-ruby (1.0.3)
      json (~> 1.8)
      rest-client (~> 1.6)
    method_source (0.8.2)
    mime-types (2.99.3)
    mimemagic (0.3.0)
    mini_portile2 (2.1.0)
    minitest (5.10.2)
    money (6.9.0)
      i18n (>= 0.6.4, < 0.9)
    mongo (2.4.1)
      bson (>= 4.2.1, < 5.0.0)
    mongoid (5.0.2)
      activemodel (~> 4.0)
      mongo (~> 2.1)
      origin (~> 2.1)
      tzinfo (>= 0.3.37)
    mongoid-paperclip (0.0.11)
      mongoid
      paperclip (>= 2.3.6, != 4.3.0)
    mongoid-rspec (3.0.0)
      mongoid (~> 5.0)
      rake
      rspec (~> 3.3)
    mongoid_cleaner (1.2.0)
      mongoid (>= 4.0)
    multi_json (1.12.1)
    nenv (0.3.0)
    netrc (0.11.0)
    nokogiri (1.7.2)
      mini_portile2 (~> 2.1.0)
    notiffany (0.1.1)
      nenv (~> 0.1)
      shellany (~> 0.0)
    origin (2.3.0)
    pg (0.20.0)
    phony (2.15.44)
    phony_rails (0.14.5)
      activesupport (>= 3.0)
      phony (~> 2.15)
    pry (0.10.4)
      coderay (~> 1.1.0)
      method_source (~> 0.8.1)
      slop (~> 3.4)
    public_suffix (2.0.5)
    puma (3.8.2)
    rack (1.6.8)
    rack-test (0.6.3)
      rack (>= 1.0)
    rails (4.2.0)
      actionmailer (= 4.2.0)
      actionpack (= 4.2.0)
      actionview (= 4.2.0)
      activejob (= 4.2.0)
      activemodel (= 4.2.0)
      activerecord (= 4.2.0)
      activesupport (= 4.2.0)
      bundler (>= 1.3.0, < 2.0)
      railties (= 4.2.0)
      sprockets-rails
    rails-deprecated_sanitizer (1.0.3)
      activesupport (>= 4.2.0.alpha)
    rails-dom-testing (1.0.8)
      activesupport (>= 4.2.0.beta, < 5.0)
      nokogiri (~> 1.6)
      rails-deprecated_sanitizer (>= 1.0.1)
    rails-html-sanitizer (1.0.3)
      loofah (~> 2.0)
    rails_12factor (0.0.3)
      rails_serve_static_assets
      rails_stdout_logging
    rails_autolink (1.1.6)
      rails (> 3.1)
    rails_serve_static_assets (0.0.5)
    rails_stdout_logging (0.0.5)
    railties (4.2.0)
      actionpack (= 4.2.0)
      activesupport (= 4.2.0)
      rake (>= 0.8.7)
      thor (>= 0.18.1, < 2.0)
    rake (12.0.0)
    rb-fsevent (0.9.8)
    rb-inotify (0.9.8)
      ffi (>= 0.5.0)
    rdoc (4.3.0)
    recaptcha (4.3.1)
      json
    remotipart (1.3.1)
    rest-client (1.8.0)
      http-cookie (>= 1.0.2, < 2.0)
      mime-types (>= 1.16, < 3.0)
      netrc (~> 0.7)
    rspec (3.6.0)
      rspec-core (~> 3.6.0)
      rspec-expectations (~> 3.6.0)
      rspec-mocks (~> 3.6.0)
    rspec-core (3.6.0)
      rspec-support (~> 3.6.0)
    rspec-expectations (3.6.0)
      diff-lcs (>= 1.2.0, < 2.0)
      rspec-support (~> 3.6.0)
    rspec-mocks (3.6.0)
      diff-lcs (>= 1.2.0, < 2.0)
      rspec-support (~> 3.6.0)
    rspec-rails (3.6.0)
      actionpack (>= 3.0)
      activesupport (>= 3.0)
      railties (>= 3.0)
      rspec-core (~> 3.6.0)
      rspec-expectations (~> 3.6.0)
      rspec-mocks (~> 3.6.0)
      rspec-support (~> 3.6.0)
    rspec-support (3.6.0)
    ruby_dep (1.5.0)
    sass (3.4.24)
    sass-rails (5.0.6)
      railties (>= 4.0.0, < 6)
      sass (~> 3.1)
      sprockets (>= 2.8, < 4.0)
      sprockets-rails (>= 2.0, < 4.0)
      tilt (>= 1.1, < 3)
    sdoc (0.4.2)
      json (~> 1.7, >= 1.7.7)
      rdoc (~> 4.0)
    shellany (0.0.1)
    shoulda-matchers (3.1.1)
      activesupport (>= 4.0.0)
    sixarm_ruby_unaccent (1.1.1)
    slop (3.6.0)
    sort_alphabetical (1.1.0)
      unicode_utils (>= 1.2.2)
    spring (2.0.2)
      activesupport (>= 4.2)
    sprockets (3.7.1)
      concurrent-ruby (~> 1.0)
      rack (> 1, < 3)
    sprockets-rails (3.2.0)
      actionpack (>= 4.0)
      activesupport (>= 4.0)
      sprockets (>= 3.0.0)
    thor (0.19.4)
    thread_safe (0.3.6)
    tilt (2.0.7)
    tzinfo (1.2.3)
      thread_safe (~> 0.1)
    uglifier (3.2.0)
      execjs (>= 0.3.0, < 3)
    unf (0.1.4)
      unf_ext
    unf_ext (0.0.7.4)
    unicode_utils (1.4.0)
    xpath (2.0.0)
      nokogiri (~> 1.3)

PLATFORMS
  ruby

DEPENDENCIES
  armor_payments
  aws-sdk (< 2.0)
  bcrypt (~> 3.1.7)
  browser
  bson_ext
  capybara
  carmen (~> 1.0, >= 1.0.2)
  coffee-rails (~> 4.0.0)
  country_select!
  factory_girl_rails (~> 4.0)
  ffaker
  figaro
  foundation-icons-sass-rails
  foundation-rails (= 5.5.2.1)
  foundation_rails_helper
  guard-rspec
  jbuilder (~> 2.0)
  jquery-rails
  kaminari
  kaminari-mongoid
  mailgun-ruby (~> 1.0.3)
  mongoid (~> 5.0.0)
  mongoid-paperclip
  mongoid-rspec (= 3.0.0)
  mongoid_cleaner
  paperclip!
  pg
  phony_rails
  puma
  rails (= 4.2)
  rails_12factor
  rails_autolink
  recaptcha
  remotipart (~> 1.2)
  rspec-rails
  sdoc (~> 0.4.0)
  shoulda-matchers (~> 3.0)
  spring
  uglifier (>= 1.3.0)

RUBY VERSION
   ruby 2.2.5p319

BUNDLED WITH
   1.13.7
